GEM
  remote: http://rubygems.org/
  specs:
    activemodel (5.2.0)
      activesupport (= 5.2.0)
    activesupport (5.2.0)
      concurrent-ruby (~> 1.0, >= 1.0.2)
      i18n (>= 0.7, < 2)
      minitest (~> 5.1)
      tzinfo (~> 1.1)
    addressable (2.5.2)
      public_suffix (>= 2.0.2, < 4.0)
    atk (3.2.4)
      glib2 (= 3.2.4)
    byebug (10.0.2)
    cairo (1.15.12)
      native-package-installer (>= 1.0.3)
      pkg-config (>= 1.2.2)
    cairo-gobject (3.2.4)
      cairo
      glib2 (= 3.2.4)
    concurrent-ruby (1.0.5)
    faraday (0.15.2)
      multipart-post (>= 1.2, < 3)
    faraday_middleware (0.12.2)
      faraday (>= 0.7.4, < 1.0)
    gdk_pixbuf2 (3.2.4)
      gio2 (= 3.2.4)
    gio2 (3.2.4)
      glib2 (= 3.2.4)
      gobject-introspection (= 3.2.4)
    glib2 (3.2.4)
      native-package-installer (>= 1.0.3)
      pkg-config (>= 1.2.2)
    gobject-introspection (3.2.4)
      glib2 (= 3.2.4)
    gtk2 (3.2.4)
      atk (= 3.2.4)
      gdk_pixbuf2 (= 3.2.4)
      pango (= 3.2.4)
    i18n (1.0.0)
      concurrent-ruby (~> 1.0)
    json_api_client (1.6.0)
      activemodel (>= 3.2.0)
      activesupport (>= 3.2.0)
      addressable (~> 2.2)
      faraday (~> 0.15, >= 0.15.2)
      faraday_middleware (~> 0.9)
    minitest (5.11.3)
    multipart-post (2.0.0)
    native-package-installer (1.0.6)
    pango (3.2.4)
      cairo (>= 1.14.0)
      cairo-gobject (= 3.2.4)
      gobject-introspection (= 3.2.4)
    pkg-config (1.3.0)
    public_suffix (3.0.3)
    rake (12.3.1)
    rmagick (2.16.0)
    thread (0.2.2)
    thread_safe (0.3.6)
    tzinfo (1.2.10)
      thread_safe (~> 0.1)
    work_queue (2.5.4)

PLATFORMS
  ruby

DEPENDENCIES
  activemodel
  activesupport
  byebug
  cairo
  glib2 (~> 3.2.1)
  gtk2
  json_api_client (>= 1.6)
  pkg-config
  rake
  rmagick
  thread
  work_queue (>= 2.0)

BUNDLED WITH
   1.15.4
